GEM
  remote: http://rubygems.org/
  specs:
    activesupport (3.2.13)
      i18n (= 0.6.1)
      multi_json (~> 1.0)
    diff-lcs (1.1.3)
    git (1.2.5)
    i18n (0.6.1)
    jeweler (1.8.4)
      bundler (~> 1.0)
      git (>= 1.2.5)
      rake
      rdoc
    json (1.8.0)
    loaderio (0.0.5)
      multi_json (~> 1.5.0)
      rest-client (~> 1.6.7)
    mime-types (1.23)
    mocha (0.9.12)
    multi_json (1.5.1)
    rake (10.0.4)
    rdoc (3.12.2)
      json (~> 1.4)
    rest-client (1.6.7)
      mime-types (>= 1.16)
    rspec (2.8.0)
      rspec-core (~> 2.8.0)
      rspec-expectations (~> 2.8.0)
      rspec-mocks (~> 2.8.0)
    rspec-core (2.8.0)
    rspec-expectations (2.8.0)
      diff-lcs (~> 1.1.2)
    rspec-mocks (2.8.0)

PLATFORMS
  ruby

DEPENDENCIES
  activesupport
  bundler (~> 1.3.5)
  jeweler (~> 1.8.3)
  loaderio (= 0.0.5)
  mocha (~> 0.9.12)
  rspec (~> 2.8.0)
